GIT
  remote: git://github.com/iron-io/rest.git
  revision: 1e02ba1b8790716152c15220f1a102c6c0307ab8
  branch: ruby-1.8
  specs:
    rest (3.0.9)
      net-http-persistent (>= 2.9.1)
      netrc
      pry (= 0.9)

PATH
  remote: .
  specs:
    iron_core (1.0.11)
      rest

GEM
  remote: http://rubygems.org/
  specs:
    coderay (1.1.0)
    method_source (0.8.2)
    net-http-persistent (2.9.4)
    netrc (0.10.3)
    pry (0.9.0)
      coderay (>= 0.9.8)
      method_source (>= 0.6.0)
      ruby_parser (>= 2.0.5)
      slop (~> 1.9.0)
    ruby_parser (3.6.4)
      sexp_processor (~> 4.1)
    sexp_processor (4.4.5)
    slop (1.9.1)

PLATFORMS
  ruby

DEPENDENCIES
  iron_core!
  rest!
