PATH
  remote: .
  specs:
    iron_core (1.0.5)
      rest (>= 3.0.3)

GEM
  remote: http://rubygems.org/
  specs:
    minitest (5.5.1)
    net-http-persistent (2.9.4)
    netrc (0.10.3)
    power_assert (0.2.2)
    rake (10.4.2)
    rest (3.0.3)
      net-http-persistent (>= 2.9.1)
      netrc
    test-unit (3.0.9)
      power_assert

PLATFORMS
  ruby

DEPENDENCIES
  iron_core!
  minitest
  rake
  test-unit
