GEM
  remote: http://rubygems.org/
  specs:
    git (1.2.5)
    jeweler2 (2.0.9)
      git (>= 1.2.5)
    mime-types (1.19)
    rest (1.1.0)
      rest-client (>= 0.3.0)
    rest-client (1.6.7)
      mime-types (>= 1.16)

PLATFORMS
  ruby

DEPENDENCIES
  bundler (> 1.0.0)
  jeweler2
  rest
  rest-client
