GIT
  remote: git://github.com/iron-io/rest.git
  revision: 8956818f33698dc79edc54a9f6f7746999619cf1
  branch: ruby-1.8
  specs:
    rest (3.0.8)
      net-http-persistent (>= 2.9.1)
      netrc
      pry

PATH
  remote: .
  specs:
    iron_core (1.0.10)
      rest (>= 3.0.4)

GEM
  remote: http://rubygems.org/
  specs:
    coderay (1.1.0)
    method_source (0.8.2)
    net-http-persistent (2.9.4)
    netrc (0.10.3)
    pry (0.10.1)
      coderay (~> 1.1.0)
      method_source (~> 0.8.1)
      slop (~> 3.4)
    slop (3.6.0)

PLATFORMS
  ruby

DEPENDENCIES
  iron_core!
  rest!
