PATH
  remote: .
  specs:
    iron_core (0.5.0)
      rest (>= 2.2.0)

GEM
  remote: http://rubygems.org/
  specs:
    mime-types (1.19)
    minitest (4.4.0)
    net-http-persistent (2.8)
    rake (10.0.3)
    rest (2.2.0)
      net-http-persistent
      rest-client (>= 0.3.0)
    rest-client (1.6.7)
      mime-types (>= 1.16)
    test-unit (2.5.3)

PLATFORMS
  ruby

DEPENDENCIES
  iron_core!
  minitest
  rake
  test-unit
