PATH
  remote: .
  specs:
    iron_core (1.0.0)
      rest (>= 2.2.0)

GEM
  remote: http://rubygems.org/
  specs:
    mime-types (1.23)
    minitest (5.0.6)
    net-http-persistent (2.9)
    rake (10.1.0)
    rest (2.6.3)
      net-http-persistent
      rest-client (>= 0.3.0)
    rest-client (1.6.7)
      mime-types (>= 1.16)
    test-unit (2.5.5)

PLATFORMS
  ruby

DEPENDENCIES
  iron_core!
  minitest
  rake
  test-unit
