PATH
  remote: .
  specs:
    iron_core (1.0.4)
      rest (>= 2.6.4)

GEM
  remote: http://rubygems.org/
  specs:
    minitest (5.0.6)
    net-http-persistent (2.9.4)
    netrc (0.7.7)
    rake (10.1.0)
    rest (2.7.1)
      net-http-persistent (>= 2.9.1)
      rest_client (>= 1.7.1)
    rest_client (1.7.3)
      netrc (~> 0.7.7)
    test-unit (2.5.5)

PLATFORMS
  ruby

DEPENDENCIES
  iron_core!
  minitest
  rake
  test-unit
